PATH
  remote: .
  specs:
    sidekiq-redislog (0.0.7)
      sidekiq (>= 2.2.1)
      sinatra
      slim
      sprockets

GEM
  remote: https://rubygems.org/
  specs:
    celluloid (0.15.0)
      timers (~> 1.1.0)
    connection_pool (1.1.0)
    hike (1.2.3)
    json (1.8.0)
    multi_json (1.7.9)
    rack (1.4.5)
    rack-protection (1.5.0)
      rack
    rack-test (0.6.2)
      rack (>= 1.0)
    rake (10.0.4)
    redis (3.0.4)
    redis-namespace (1.3.1)
      redis (~> 3.0.0)
    sidekiq (2.14.0)
      celluloid (>= 0.14.1)
      connection_pool (>= 1.0.0)
      json
      redis (>= 3.0.4)
      redis-namespace
    sinatra (1.4.3)
      rack (~> 1.4)
      rack-protection (~> 1.4)
      tilt (~> 1.3, >= 1.3.4)
    slim (2.0.1)
      temple (~> 0.6.6)
      tilt (>= 1.3.3, < 2.1)
    sprockets (2.2.2)
      hike (~> 1.2)
      multi_json (~> 1.0)
      rack (~> 1.0)
      tilt (~> 1.1, != 1.3.0)
    temple (0.6.6)
    tilt (1.4.1)
    timers (1.1.0)

PLATFORMS
  ruby

DEPENDENCIES
  rack-test
  rake
  sidekiq-redislog!
